GEM
  remote: https://rubygems.org/
  specs:
    RubyInline (3.12.4)
      ZenTest (~> 4.3)
    ZenTest (4.11.0)
    cocoapods-keys (1.6.1)
      dotenv
      osx_keychain
    dotenv (2.1.1)
    osx_keychain (1.0.1)
      RubyInline (~> 3)

PLATFORMS
  ruby

DEPENDENCIES
  cocoapods-keys

BUNDLED WITH
   1.12.1
